PATH
  remote: .
  specs:
    vuln_check (0.0.1)
      nokogiri

GEM
  remote: https://rubygems.org/
  specs:
    mini_portile2 (2.2.0)
    nokogiri (1.8.0)
      mini_portile2 (~> 2.2.0)

PLATFORMS
  ruby

DEPENDENCIES
  nokogiri
  vuln_check!

BUNDLED WITH
   1.15.3
